GEM
  remote: https://rubygems.org/
  specs:
    actionmailer (3.2.15)
      actionpack (= 3.2.15)
      mail (~> 2.5.4)
    actionpack (3.2.15)
      activemodel (= 3.2.15)
      activesupport (= 3.2.15)
      builder (~> 3.0.0)
      erubis (~> 2.7.0)
      journey (~> 1.0.4)
      rack (~> 1.4.5)
      rack-cache (~> 1.2)
      rack-test (~> 0.6.1)
      sprockets (~> 2.2.1)
    activemodel (3.2.15)
      activesupport (= 3.2.15)
      builder (~> 3.0.0)
    activerecord (3.2.15)
      activemodel (= 3.2.15)
      activesupport (= 3.2.15)
      arel (~> 3.0.2)
      tzinfo (~> 0.3.29)
    activeresource (3.2.15)
      activemodel (= 3.2.15)
      activesupport (= 3.2.15)
    activesupport (3.2.15)
      i18n (~> 0.6, >= 0.6.4)
      multi_json (~> 1.0)
    arel (3.0.2)
    builder (3.0.4)
    erubis (2.7.0)
    hike (1.2.3)
    honeybadger (2.0.5)
    i18n (0.6.5)
    journey (1.0.4)
    json (1.8.1)
    mail (2.5.4)
      mime-types (~> 1.16)
      treetop (~> 1.4.8)
    mime-types (1.25)
    mono_logger (1.1.0)
    multi_json (1.10.1)
    polyglot (0.3.3)
    rack (1.4.5)
    rack-cache (1.2)
      rack (>= 0.4)
    rack-protection (1.5.3)
      rack
    rack-ssl (1.3.3)
      rack
    rack-test (0.6.2)
      rack (>= 1.0)
    rails (3.2.15)
      actionmailer (= 3.2.15)
      actionpack (= 3.2.15)
      activerecord (= 3.2.15)
      activeresource (= 3.2.15)
      activesupport (= 3.2.15)
      bundler (~> 1.0)
      railties (= 3.2.15)
    railties (3.2.15)
      actionpack (= 3.2.15)
      activesupport (= 3.2.15)
      rack-ssl (~> 1.3.2)
      rake (>= 0.8.7)
      rdoc (~> 3.4)
      thor (>= 0.14.6, < 2.0)
    rake (10.1.0)
    rdoc (3.12.2)
      json (~> 1.4)
    redis (3.2.1)
    redis-namespace (1.5.1)
      redis (~> 3.0, >= 3.0.4)
    resque (1.25.2)
      mono_logger (~> 1.0)
      multi_json (~> 1.0)
      redis-namespace (~> 1.3)
      sinatra (>= 0.9.2)
      vegas (~> 0.1.2)
    resque-honeybadger (1.0.3)
      honeybadger
      resque (>= 1.8.0)
    sinatra (1.4.5)
      rack (~> 1.4)
      rack-protection (~> 1.4)
      tilt (~> 1.3, >= 1.3.4)
    sprockets (2.2.2)
      hike (~> 1.2)
      multi_json (~> 1.0)
      rack (~> 1.0)
      tilt (~> 1.1, != 1.3.0)
    thor (0.18.1)
    tilt (1.4.1)
    treetop (1.4.15)
      polyglot
      polyglot (>= 0.3.1)
    tzinfo (0.3.38)
    vegas (0.1.11)
      rack (>= 1.0.0)

PLATFORMS
  ruby

DEPENDENCIES
  honeybadger
  rails (= 3.2.15)
  resque
  resque-honeybadger
